GEM
  specs:
    coderay (1.1.2)
    colored (1.2)
    method_source (0.9.2)
    mini_magick (4.5.1)
    pry (0.12.2)
      coderay (~> 1.1.0)
      method_source (~> 0.9.0)
    rake (12.3.0)

PLATFORMS
  ruby

DEPENDENCIES
  colored
  mini_magick (~> 4.5.1)
  pry
  rake

BUNDLED WITH
   1.17.1
